GEM
  remote: https://rubygems.org/
  specs:
    addressable (2.3.6)
    dotenv (1.0.2)
    faraday (0.9.0)
      multipart-post (>= 1.2, < 3)
    foreman (0.63.0)
      dotenv (>= 0.7)
      thor (>= 0.13.6)
    multipart-post (2.0.0)
    octokit (3.5.2)
      sawyer (~> 0.5.3)
    rack (1.6.13)
    rack-protection (1.5.3)
      rack
    rack-ssl-enforcer (0.2.8)
    redis (3.1.0)
    sawyer (0.5.5)
      addressable (~> 2.3.5)
      faraday (~> 0.8, < 0.10)
    sinatra (1.4.5)
      rack (~> 1.4)
      rack-protection (~> 1.4)
      tilt (~> 1.3, >= 1.3.4)
    sinatra_auth_github (1.0.0)
      sinatra (~> 1.0)
      warden-github (~> 1.0)
    thor (0.19.1)
    tilt (1.4.1)
    warden (1.2.3)
      rack (>= 1.0)
    warden-github (1.0.2)
      octokit (> 2.1.0)
      warden (> 1.0)

PLATFORMS
  ruby

DEPENDENCIES
  dotenv
  foreman
  octokit
  rack-ssl-enforcer
  redis
  sinatra
  sinatra_auth_github
